GEM
  remote: https://rubygems.org/
  specs:
    dotenv (0.8.0)

PLATFORMS
  ruby

DEPENDENCIES
  dotenv
